STORAGE: NONE
RESTRICTION: || (== netcoreapp3.1) (== netstandard2.1)
NUGET
  remote: https://api.nuget.org/v3/index.json
    FSharp.Core (5.0)

GROUP test
STORAGE: NONE
RESTRICTION: == netcoreapp3.1
NUGET
  remote: https://api.nuget.org/v3/index.json
    Expecto (9.0.2)
      FSharp.Core (>= 4.6)
      Mono.Cecil (>= 0.11.2)
    Expecto.FsCheck (9.0.2)
      Expecto (>= 9.0.2)
      FsCheck (>= 2.14.2)
    FsCheck (2.14.3)
      FSharp.Core (>= 4.2.3)
    FSharp.Core (5.0)
    Microsoft.CodeCoverage (16.8)
    Microsoft.NET.Test.Sdk (16.8)
      Microsoft.CodeCoverage (>= 16.8)
      Microsoft.TestPlatform.TestHost (>= 16.8)
    Microsoft.TestPlatform.ObjectModel (16.8)
      NuGet.Frameworks (>= 5.0)
    Microsoft.TestPlatform.TestHost (16.8)
      Microsoft.TestPlatform.ObjectModel (>= 16.8)
      Newtonsoft.Json (>= 9.0.1)
    Mono.Cecil (0.11.3)
    Newtonsoft.Json (12.0.3)
    NuGet.Frameworks (5.8)
    System.Collections.Immutable (1.7.1)
    YoloDev.Expecto.TestSdk (0.9.2)
      Expecto (>= 9.0 < 10.0)
      FSharp.Core (>= 4.6)
      System.Collections.Immutable (>= 1.5 < 2.0)
